GEM
  remote: https://rubygems.org/
  specs:
    ast (2.3.0)
    byebug (9.0.5)
    diff-lcs (1.2.5)
    ethon (0.9.0)
      ffi (>= 1.3.0)
    faraday (0.9.2)
      multipart-post (>= 1.2, < 3)
    ffi (1.9.14)
    minitest (5.9.0)
    minitest-nyan-cat (0.0.1)
      nyan-cat-formatter (= 0.11)
    multipart-post (2.0.0)
    nyan-cat-formatter (0.11)
      rspec (>= 2.99, >= 2.14.2, < 4)
    parser (2.3.1.2)
      ast (~> 2.2)
    powerpack (0.1.1)
    rainbow (2.1.0)
    rake (11.2.2)
    rspec (3.5.0)
      rspec-core (~> 3.5.0)
      rspec-expectations (~> 3.5.0)
      rspec-mocks (~> 3.5.0)
    rspec-core (3.5.2)
      rspec-support (~> 3.5.0)
    rspec-expectations (3.5.0)
      diff-lcs (>= 1.2.0, < 2.0)
      rspec-support (~> 3.5.0)
    rspec-mocks (3.5.0)
      diff-lcs (>= 1.2.0, < 2.0)
      rspec-support (~> 3.5.0)
    rspec-support (3.5.0)
    rubocop (0.42.0)
      parser (>= 2.3.1.1, < 3.0)
      powerpack (~> 0.1)
      rainbow (>= 1.99.1, < 3.0)
      ruby-progressbar (~> 1.7)
      unicode-display_width (~> 1.0, >= 1.0.1)
    ruby-progressbar (1.8.1)
    typhoeus (1.1.0)
      ethon (>= 0.9.0)
    unicode-display_width (1.1.0)

PLATFORMS
  ruby

DEPENDENCIES
  byebug
  faraday
  minitest
  minitest-nyan-cat
  rake
  rubocop
  typhoeus

BUNDLED WITH
   1.12.4
